GIT
  remote: https://bitbucket.org/mobivery-public/localio
  revision: 790225e1721f412f7173ca423ba3cba2dc3d0605
  tag: 2.0.2
  specs:
    localio (2.0.2)
      simple_xlsx_reader (~> 1.0)

GEM
  remote: https://rubygems.org/
  specs:
    addressable (2.8.7)
      public_suffix (>= 2.0.2, < 7.0)
    ansi (1.5.0)
    ast (2.4.3)
    base64 (0.2.0)
    claide (1.1.0)
    claide-plugins (0.9.2)
      cork
      nap
      open4 (~> 1.3)
    colored2 (3.1.2)
    cork (0.3.0)
      colored2 (~> 3.1)
    danger (9.5.1)
      base64 (~> 0.2)
      claide (~> 1.0)
      claide-plugins (>= 0.9.2)
      colored2 (~> 3.1)
      cork (~> 0.1)
      faraday (>= 0.9.0, < 3.0)
      faraday-http-cache (~> 2.0)
      git (~> 1.13)
      kramdown (~> 2.3)
      kramdown-parser-gfm (~> 1.0)
      octokit (>= 4.0)
      pstore (~> 0.1)
      terminal-table (>= 1, < 4)
    danger-android_lint (0.0.12)
      danger-plugin-api (~> 1.0)
      oga
    danger-plugin-api (1.0.0)
      danger (> 2.0)
    danger-shroud (2.0.0)
      danger-plugin-api (~> 1.0)
      nokogiri
    faraday (2.8.1)
      base64
      faraday-net_http (>= 2.0, < 3.1)
      ruby2_keywords (>= 0.0.4)
    faraday-http-cache (2.5.1)
      faraday (>= 0.8)
    faraday-net_http (3.0.2)
    faraday-retry (2.3.1)
      faraday (~> 2.0)
    git (1.19.1)
      addressable (~> 2.8)
      rchardet (~> 1.8)
    kramdown (2.5.1)
      rexml (>= 3.3.9)
    kramdown-parser-gfm (1.1.0)
      kramdown (~> 2.0)
    mini_portile2 (2.6.1)
    nap (1.1.0)
    nokogiri (1.12.5)
      mini_portile2 (~> 2.6.1)
      racc (~> 1.4)
    nokogiri (1.12.5-arm64-darwin)
      racc (~> 1.4)
    nokogiri (1.12.5-x64-mingw32)
      racc (~> 1.4)
    octokit (10.0.0)
      faraday (>= 1, < 3)
      sawyer (~> 0.9)
    oga (3.4)
      ast
      ruby-ll (~> 2.1)
    open4 (1.3.4)
    pstore (0.2.0)
    public_suffix (5.1.1)
    racc (1.8.1)
    rchardet (1.8.0)
    rexml (3.4.1)
    ruby-ll (2.1.3)
      ansi
      ast
    ruby2_keywords (0.0.5)
    rubyzip (2.4.1)
    sawyer (0.9.2)
      addressable (>= 2.3.5)
      faraday (>= 0.17.3, < 3)
    simple_xlsx_reader (1.0.5)
      nokogiri
      rubyzip
    terminal-table (3.0.2)
      unicode-display_width (>= 1.1.1, < 3)
    unicode-display_width (2.6.0)

PLATFORMS
  arm64-darwin-20
  ruby
  x64-mingw32
  x64-unknown

DEPENDENCIES
  ansi (= 1.5.0)
  danger
  danger-android_lint
  danger-shroud
  faraday-retry
  localio!

RUBY VERSION
   ruby 2.7.2p137

BUNDLED WITH
   2.1.4
